GEM
  remote: https://rubygems.org/
  specs:
    openssl (2.2.0)

PLATFORMS
  ruby

DEPENDENCIES
  openssl

BUNDLED WITH
   2.1.4
